PATH
  remote: .
  specs:
    resque-retry (0.1.0)
      resque (>= 1.8.0)
      resque-scheduler (>= 1.8.0)

GEM
  remote: http://rubygems.org/
  specs:
    ansi (1.3.0)
    metaclass (0.0.1)
    mocha (0.10.0)
      metaclass (~> 0.0.1)
    multi_json (1.0.3)
    rack (1.3.4)
    rack-protection (1.1.4)
      rack
    redis (2.2.2)
    redis-namespace (1.0.3)
      redis (< 3.0.0)
    resque (1.19.0)
      multi_json (~> 1.0)
      redis-namespace (~> 1.0.2)
      sinatra (>= 0.9.2)
      vegas (~> 0.1.2)
    resque-scheduler (1.9.9)
      redis (>= 2.0.1)
      resque (>= 1.8.0)
      rufus-scheduler
    rufus-scheduler (2.0.11)
      tzinfo (>= 0.3.23)
    simplecov (0.5.4)
      multi_json (~> 1.0.3)
      simplecov-html (~> 0.5.3)
    simplecov-html (0.5.3)
    sinatra (1.3.1)
      rack (~> 1.3, >= 1.3.4)
      rack-protection (~> 1.1, >= 1.1.2)
      tilt (~> 1.3, >= 1.3.3)
    test-unit (2.4.0)
    tilt (1.3.3)
    turn (0.8.3)
      ansi
    tzinfo (0.3.30)
    vegas (0.1.8)
      rack (>= 1.0.0)
    yard (0.7.3)

PLATFORMS
  ruby

DEPENDENCIES
  mocha
  resque-retry!
  simplecov (>= 0.3.0)
  test-unit
  turn
  yard
